PATH
  remote: .
  specs:
    wrapsheet (0.0.1)

GEM
  remote: https://rubygems.org/
  specs:

PLATFORMS
  ruby

DEPENDENCIES
  wrapsheet!

BUNDLED WITH
   1.17.2
